GEM
  remote: https://rubygems.org/
  specs:
    addressable (2.5.2)
      public_suffix (>= 2.0.2, < 4.0)
    colorator (1.1.0)
    concurrent-ruby (1.0.5)
    em-websocket (0.5.1)
      eventmachine (>= 0.12.9)
      http_parser.rb (~> 0.6.0)
<<<<<<< HEAD
    eventmachine (1.2.5)
    ffi (1.9.23)
=======
    eventmachine (1.2.7)
    ffi (1.9.25)
>>>>>>> c0854a4f45e67e3799fbe293e8de39f4e107ca74
    forwardable-extended (2.6.0)
    http_parser.rb (0.6.0)
    i18n (0.9.5)
      concurrent-ruby (~> 1.0)
    jekyll (3.7.3)
      addressable (~> 2.4)
      colorator (~> 1.0)
      em-websocket (~> 0.5)
      i18n (~> 0.7)
      jekyll-sass-converter (~> 1.0)
      jekyll-watch (~> 2.0)
      kramdown (~> 1.14)
      liquid (~> 4.0)
      mercenary (~> 0.3.3)
      pathutil (~> 0.9)
      rouge (>= 1.7, < 4)
      safe_yaml (~> 1.0)
    jekyll-livereload (0.2.2)
      em-websocket (~> 0.5)
      jekyll (~> 3.0)
    jekyll-sass-converter (1.5.2)
      sass (~> 3.4)
    jekyll-watch (2.0.0)
      listen (~> 3.0)
<<<<<<< HEAD
    kramdown (1.16.2)
=======
    kramdown (1.17.0)
>>>>>>> c0854a4f45e67e3799fbe293e8de39f4e107ca74
    liquid (4.0.0)
    listen (3.1.5)
      rb-fsevent (~> 0.9, >= 0.9.4)
      rb-inotify (~> 0.9, >= 0.9.7)
      ruby_dep (~> 1.2)
    mercenary (0.3.6)
    pathutil (0.16.1)
      forwardable-extended (~> 2.6)
    public_suffix (3.0.2)
    rb-fsevent (0.10.3)
    rb-inotify (0.9.10)
      ffi (>= 0.5.0, < 2)
    rouge (3.1.1)
    ruby_dep (1.5.0)
    safe_yaml (1.0.4)
<<<<<<< HEAD
    sass (3.5.5)
=======
    sass (3.5.6)
>>>>>>> c0854a4f45e67e3799fbe293e8de39f4e107ca74
      sass-listen (~> 4.0.0)
    sass-listen (4.0.0)
      rb-fsevent (~> 0.9, >= 0.9.4)
      rb-inotify (~> 0.9, >= 0.9.7)

PLATFORMS
  ruby

DEPENDENCIES
<<<<<<< HEAD
  jekyll-livereload

BUNDLED WITH
   1.16.1
=======
  jekyll (~> 3.7.3)
  jekyll-livereload

BUNDLED WITH
   1.11.2
>>>>>>> c0854a4f45e67e3799fbe293e8de39f4e107ca74
